PATH
  remote: .
  specs:
    cassandra (0.11.4)
      json
      rake
      simple_uuid (>= 0.1.0)
      thrift_client (>= 0.7.0)

GEM
  remote: http://rubygems.org/
  specs:
    allison (2.0.3)
    echoe (4.6.1)
      allison (>= 2.0.3)
      gemcutter (>= 0.7.0)
      rake (>= 0.9.2)
      rdoc (>= 3.6.1)
      rubyforge (>= 2.0.4)
    eventmachine (0.12.10)
    gemcutter (0.7.0)
    json (1.5.3)
    json_pure (1.5.3)
    rake (0.9.2)
    rdoc (3.8)
    rubyforge (2.0.4)
      json_pure (>= 1.1.7)
    simple_uuid (0.1.2)
    thrift (0.7.0)
    thrift_client (0.7.0)
      thrift (~> 0.7.0)

PLATFORMS
  ruby

DEPENDENCIES
  cassandra!
  echoe
  eventmachine
